{
    "EstimatedAcquisitionDuration": 613.893,
    "AcquisitionMatrixPE": 78,
    "AcquisitionNumber": 5,
    "AcquisitionTime": "13:48:27.350000",
    "BodyPartExamined": "BRAIN",
    "CogAtlasID": "http://www.cognitiveatlas.org/task/id/TODO",
    "CoilString": "MULTI COIL",
    "ConversionSoftware": "dcm2niix",
    "ConversionSoftwareVersion": "v1.0.20220720",
    "DeviceSerialNumber": "38317",
    "EchoTime": 0.030001,
    "EchoTrainLength": 39,
    "EffectiveEchoSpacing": 0.000301238,
    "EstimatedEffectiveEchoSpacing": 0.000301238,
    "EstimatedTotalReadoutTime": 0.0237978,
    "FlipAngle": 90,
    "HeudiconvVersion": "1.1.6",
    "ImageOrientationPatientDICOM": [
        0.996941,
        -0.0775369,
        -0.00983279,
        0.0751266,
        0.985359,
        -0.153047
    ],
    "ImageType": [
        "ORIGINAL",
        "PRIMARY",
        "M",
        "FFE",
        "M",
        "FFE"
    ],
    "ImagingFrequency": 127.732,
    "InPlanePhaseEncodingDirectionDICOM": "COL",
    "InstitutionAddress": "Brenneckestr. 6, 39118 Magdeburg, Germany",
    "InstitutionName": "Leibniz Institute for Neurobiology",
    "InstitutionalDepartmentName": "CNI",
    "MRAcquisitionType": "2D",
    "MTState": true,
    "MagneticFieldStrength": 3,
    "Manufacturer": "Philips",
    "ManufacturersModelName": "Achieva dStream",
    "Modality": "MR",
    "ParallelAcquisitionTechnique": "SENSE",
    "ParallelReductionFactorInPlane": 2,
    "PatientPosition": "HFS",
    "PercentPhaseFOV": 100,
    "PercentSampling": 100,
    "PhaseEncodingAxis": "j",
    "PhaseEncodingDirection": "j-",
    "PhaseEncodingSteps": 78,
    "PhilipsRWVIntercept": 0,
    "PhilipsRWVSlope": 1.59463,
    "PhilipsRescaleIntercept": 0,
    "PhilipsRescaleSlope": 1.59463,
    "PhilipsScaleSlope": 0.0124614,
    "PixelBandwidth": 2143,
    "ProcedureStepDescription": "Lernmulti3",
    "ProtocolName": "WIP EPI_3mm_S2_37Sl_TR2_WFS10.6_resting_state",
    "PulseSequenceName": "FEEPI",
    "ReconMatrixPE": 80,
    "RepetitionTime": 2,
    "SAR": 0.992137,
    "ScanOptions": "FS",
    "ScanningSequence": "GR",
    "SequenceVariant": "SK",
    "SeriesDescription": "EPI_3mm_S2_37Sl_TR2_WFS10.6_resting_state",
    "SeriesNumber": 501,
    "SliceThickness": 3,
    "SliceTiming": [
        0.0,
        0.05405405405405406,
        0.10810810810810811,
        0.16216216216216217,
        0.21621621621621623,
        0.2702702702702703,
        0.32432432432432434,
        0.3783783783783784,
        0.43243243243243246,
        0.4864864864864865,
        0.5405405405405406,
        0.5945945945945946,
        0.6486486486486487,
        0.7027027027027027,
        0.7567567567567568,
        0.8108108108108109,
        0.8648648648648649,
        0.918918918918919,
        0.972972972972973,
        1.027027027027027,
        1.0810810810810811,
        1.135135135135135,
        1.1891891891891893,
        1.2432432432432432,
        1.2972972972972974,
        1.3513513513513513,
        1.4054054054054055,
        1.4594594594594594,
        1.5135135135135136,
        1.5675675675675675,
        1.6216216216216217,
        1.6756756756756757,
        1.7297297297297298,
        1.7837837837837838,
        1.837837837837838,
        1.8918918918918919,
        1.945945945945946
    ],
    "SoftwareVersions": "5.4.1\\5.4.1.1",
    "SpacingBetweenSlices": 3.3,
    "StationName": "HOST-7HF4OBF0M7",
    "TaskName": "rest",
    "UsePhilipsFloatNotDisplayScaling": 1,
    "WaterFatShift": 10.6001
}