{
    "AcquisitionMatrixPE": 256,
    "AcquisitionNumber": 2,
    "AcquisitionTime": "13:58:39.900000",
    "BodyPartExamined": "BRAIN",
    "CoilString": "MULTI COIL",
    "ConversionSoftware": "dcm2niix",
    "ConversionSoftwareVersion": "v1.0.20201102",
    "DeviceSerialNumber": "38317",
    "EchoTime": 0.004745,
    "EchoTrainLength": 173,
    "EstimatedEffectiveEchoSpacing": 2.03623e-05,
    "EstimatedTotalReadoutTime": 0.00519238,
    "FlipAngle": 8,
    "ImageOrientationPatientDICOM": [
        0.0917941,
        0.995771,
        0.00363552,
        0.107856,
        -0.00631302,
        -0.994146
    ],
    "ImageType": [
        "ORIGINAL",
        "PRIMARY",
        "M",
        "FFE",
        "M",
        "FFE"
    ],
    "ImagingFrequency": 127.732,
    "InPlanePhaseEncodingDirectionDICOM": "ROW",
    "InstitutionAddress": "Brenneckestr. 6, 39118 Magdeburg, Germany",
    "InstitutionName": "Leibniz Institute for Neurobiology",
    "InstitutionalDepartmentName": "CNI",
    "MRAcquisitionType": "3D",
    "MagneticFieldStrength": 3,
    "Manufacturer": "Philips",
    "ManufacturersModelName": "Achieva dStream",
    "Modality": "MR",
    "ParallelReductionFactorInPlane": 2,
    "ParallelReductionOutOfPlane": 1.11,
    "PatientPosition": "HFS",
    "PercentPhaseFOV": 100,
    "PercentSampling": 100,
    "PhaseEncodingAxis": "i",
    "PhaseEncodingSteps": 256,
    "PhilipsRWVIntercept": 0,
    "PhilipsRWVSlope": 3.99805,
    "PhilipsRescaleIntercept": 0,
    "PhilipsRescaleSlope": 3.99805,
    "PhilipsScaleSlope": 0.00499059,
    "PixelBandwidth": 191,
    "ProcedureStepDescription": "lernmulti",
    "ProtocolName": "WIP sT1W_3D_TFE_TR2300_TI900_1.0iso_FS_p2_moderate_PNS",
    "ReconMatrixPE": 256,
    "RepetitionTime": 0.0098659,
    "SAR": 0.199281,
    "ScanOptions": "OTHER",
    "ScanningSequence": "GR",
    "SequenceVariant": "MP",
    "SeriesDescription": "sT1W_3D_TFE_TR2300_TI900_1.0iso_FS_p2_moderate_PNS",
    "SeriesNumber": 201,
    "SliceThickness": 1,
    "SoftwareVersions": "5.4.1\\5.4.1.1",
    "SpacingBetweenSlices": 1,
    "StationName": "HOST-7HF4OBF0M7",
    "UsePhilipsFloatNotDisplayScaling": 1,
    "WaterFatShift": 2.26803
}