{
    "EstimatedAcquisitionDuration": 177.776,
    "AcquisitionMatrixPE": 240,
    "AcquisitionNumber": 3,
    "AcquisitionTime": "10:06:51.420000",
    "BodyPartExamined": "BRAIN",
    "CoilString": "MULTI COIL",
    "ConversionSoftware": "dcm2niix",
    "ConversionSoftwareVersion": "v1.0.20220720",
    "DeviceSerialNumber": "38317",
    "EchoTime": 0.001599,
    "EstimatedEffectiveEchoSpacing": 1.10769e-06,
    "EstimatedTotalReadoutTime": 0.000388799,
    "FlipAngle": 10,
    "HeudiconvVersion": "1.1.6",
    "ImageOrientationPatientDICOM": [
        0.0217047,
        0.999764,
        -0.000123476,
        0.0272577,
        -0.00071522,
        -0.999628
    ],
    "ImageType": [
        "ORIGINAL",
        "PRIMARY",
        "M",
        "FFE",
        "M",
        "FFE"
    ],
    "ImagingFrequency": 127.732,
    "InPlanePhaseEncodingDirectionDICOM": "COL",
    "InstitutionAddress": "Brenneckestr. 6, 39118 Magdeburg, Germany",
    "InstitutionName": "Leibniz Institute for Neurobiology",
    "InstitutionalDepartmentName": "CNI",
    "MRAcquisitionType": "3D",
    "MTState": true,
    "MagneticFieldStrength": 3,
    "Manufacturer": "Philips",
    "ManufacturersModelName": "Achieva dStream",
    "Modality": "MR",
    "ParallelAcquisitionTechnique": "SENSE",
    "ParallelReductionOutOfPlane": 2,
    "PatientPosition": "HFS",
    "PercentPhaseFOV": 100,
    "PercentSampling": 78.5398,
    "PhaseEncodingSteps": 240,
    "PhilipsRWVIntercept": 0,
    "PhilipsRWVSlope": 6.06056,
    "PhilipsRescaleIntercept": 0,
    "PhilipsRescaleSlope": 6.06056,
    "PhilipsScaleSlope": 0.00614833,
    "PixelBandwidth": 1286,
    "ProcedureStepDescription": "lernmulti",
    "ProtocolName": "WIP UTE_1mm_interpol_S2_1us",
    "PulseSequenceName": "T1FFE",
    "ReconMatrixPE": 352,
    "RepetitionTime": 0.008,
    "SAR": 0.28788,
    "ScanOptions": "OTHER",
    "ScanningSequence": "GR",
    "SequenceVariant": "SP",
    "SeriesDescription": "UTE_1mm_interpol_S2_1us",
    "SeriesNumber": 301,
    "SliceThickness": 1,
    "SoftwareVersions": "5.4.1\\5.4.1.1",
    "SpacingBetweenSlices": 0.7,
    "SpoilingState": true,
    "SpoilingType": "COMBINED",
    "StationName": "HOST-7HF4OBF0M7",
    "UsePhilipsFloatNotDisplayScaling": 1,
    "WaterFatShift": 0.337702
}